GEM
  remote: https://rubygems.org/
  specs:
    ruby-units (1.4.4)

PLATFORMS
  ruby

DEPENDENCIES
  ruby-units (= 1.4.4)

BUNDLED WITH
   1.11.2
